PATH
  remote: .
  specs:
    redis_exp_lock (0.1)
      shavaluator (~> 0.1)

GEM
  remote: https://rubygems.org/
  specs:
    diff-lcs (1.2.5)
    redis (3.2.0)
    rspec (3.1.0)
      rspec-core (~> 3.1.0)
      rspec-expectations (~> 3.1.0)
      rspec-mocks (~> 3.1.0)
    rspec-core (3.1.7)
      rspec-support (~> 3.1.0)
    rspec-expectations (3.1.2)
      diff-lcs (>= 1.2.0, < 2.0)
      rspec-support (~> 3.1.0)
    rspec-mocks (3.1.3)
      rspec-support (~> 3.1.0)
    rspec-support (3.1.2)
    shavaluator (0.1)

PLATFORMS
  ruby

DEPENDENCIES
  redis (~> 3.2.0)
  redis_exp_lock!
  rspec (~> 3.1.0)
